PATH
  remote: .
  specs:
    randsum (2.0.0)

GEM
  remote: https://rubygems.org/
  specs:
    codeclimate-test-reporter (1.0.9)
      simplecov (<= 0.13)
    debug (1.8.0)
      irb (>= 1.5.0)
      reline (>= 0.3.1)
    diff-lcs (1.5.0)
    docile (1.1.5)
    io-console (0.6.0)
    irb (1.8.1)
      rdoc
      reline (>= 0.3.8)
    json (2.6.3)
    psych (5.1.0)
      stringio
    rdoc (6.5.0)
      psych (>= 4.0.0)
    reline (0.3.8)
      io-console (~> 0.5)
    rspec (3.12.0)
      rspec-core (~> 3.12.0)
      rspec-expectations (~> 3.12.0)
      rspec-mocks (~> 3.12.0)
    rspec-core (3.12.2)
      rspec-support (~> 3.12.0)
    rspec-expectations (3.12.3)
      diff-lcs (>= 1.2.0, < 2.0)
      rspec-support (~> 3.12.0)
    rspec-mocks (3.12.6)
      diff-lcs (>= 1.2.0, < 2.0)
      rspec-support (~> 3.12.0)
    rspec-support (3.12.1)
    simplecov (0.13.0)
      docile (~> 1.1.0)
      json (>= 1.8, < 3)
      simplecov-html (~> 0.10.0)
    simplecov-html (0.10.2)
    stringio (3.0.8)

PLATFORMS
  arm64-darwin-22

DEPENDENCIES
  codeclimate-test-reporter (~> 1.0.0)
  debug (~> 1.8.0)
  randsum!
  rspec (~> 3.0)
  simplecov

BUNDLED WITH
   2.4.19
